GEM
  remote: https://rubygems.org/
  specs:
    pg (1.5.8)
    webrick (1.8.1)

PLATFORMS
  arm64-darwin-23
  ruby

DEPENDENCIES
  pg
  webrick

BUNDLED WITH
   2.5.9
